PATH
  remote: .
  specs:
    substrate_common.rb (0.1.1)
      base58
      blake2b
      xxhash

GEM
  remote: https://rubygems.org/
  specs:
    base58 (0.2.3)
    blake2b (0.10.0)
    coderay (1.1.2)
    method_source (0.9.2)
    minitest (5.12.2)
    pry (0.12.2)
      coderay (~> 1.1.0)
      method_source (~> 0.9.0)
    rake (12.3.1)
    xxhash (0.4.0)

PLATFORMS
  ruby

DEPENDENCIES
  minitest
  pry
  rake (~> 12.0)
  substrate_common.rb!

BUNDLED WITH
   1.17.3
