PATH
  remote: .
  specs:
    rb-substrate-common (0.1.0)
      base58
      blake2b
      xxhash

GEM
  remote: https://rubygems.org/
  specs:
    base58 (0.2.3)
    blake2b (0.10.0)
    coderay (1.1.2)
    method_source (0.9.2)
    pry (0.12.2)
      coderay (~> 1.1.0)
      method_source (~> 0.9.0)
    rake (10.5.0)
    xxhash (0.4.0)

PLATFORMS
  ruby

DEPENDENCIES
  bundler (~> 1.17)
  pry
  rake (~> 10.0)
  rb-substrate-common!

BUNDLED WITH
   1.17.3
